GEM
  remote: https://rubygems.org/
  specs:
    commander (4.1.3)
      highline (~> 1.6.11)
    highline (1.6.16)
    nokogiri (1.5.9)
    posix-spawn (0.3.6)
    prezio (0.0.4)
      commander
      nokogiri
      pygments.rb
      sinatra
    pygments.rb (0.4.2)
      posix-spawn (~> 0.3.6)
      yajl-ruby (~> 1.1.0)
    rack (1.5.2)
    rack-protection (1.5.0)
      rack
    sinatra (1.4.2)
      rack (~> 1.5, >= 1.5.2)
      rack-protection (~> 1.4)
      tilt (~> 1.3, >= 1.3.4)
    tilt (1.3.6)
    yajl-ruby (1.1.0)

PLATFORMS
  ruby

DEPENDENCIES
  prezio
